GEM
  remote: https://rubygems.org/
  specs:
    foreman (0.82.0)
      thor (~> 0.19.1)
    thor (0.19.4)

PLATFORMS
  ruby

DEPENDENCIES
  foreman
  thor

RUBY VERSION
   ruby 2.2.0p0

BUNDLED WITH
   1.13.6
